GEM
  remote: http://rubygems.org/
  specs:
    Platform (0.4.0)
    bcrypt_pbkdf (1.1.0)
    bcrypt_pbkdf (1.1.0-x86-mingw32)
    colorize (0.7.5)
    diff-lcs (1.3)
    docile (1.1.5)
    ed25519 (1.2.4)
    highline (1.6.21)
    libarchive-static (1.0.5)
    libarchive-static (1.0.5-x86-mingw32)
    log4r (1.1.10)
    multi_json (1.10.1)
    net-netrc (0.2.2)
      Platform (>= 0.3.0)
    net-sftp (2.1.2)
      net-ssh (>= 2.6.5)
    net-ssh (6.1.0)
    polyglot (0.3.5)
    rake (10.4.2)
    rdoc (4.3.0)
    rspec (3.7.0)
      rspec-core (~> 3.7.0)
      rspec-expectations (~> 3.7.0)
      rspec-mocks (~> 3.7.0)
    rspec-core (3.7.1)
      rspec-support (~> 3.7.0)
    rspec-expectations (3.7.0)
      diff-lcs (>= 1.2.0, < 2.0)
      rspec-support (~> 3.7.0)
    rspec-mocks (3.7.0)
      diff-lcs (>= 1.2.0, < 2.0)
      rspec-support (~> 3.7.0)
    rspec-support (3.7.1)
    simplecov (0.9.1)
      docile (~> 1.1.0)
      multi_json (~> 1.0)
      simplecov-html (~> 0.8.0)
    simplecov-html (0.8.0)
    treetop (1.5.3)
      polyglot (~> 0.3)

PLATFORMS
  ruby
  x86-mingw32

DEPENDENCIES
  bcrypt_pbkdf (>= 1.1.0)
  bundler (>= 1.0.15)
  colorize (>= 0.5.8)
  ed25519 (>= 1.2.4)
  highline (>= 1.6.19)
  libarchive-static (>= 1.0.5)
  log4r (>= 1.1.5)
  net-netrc (>= 0.2.2)
  net-sftp (>= 2.1.2)
  net-ssh (>= 6.1.0)
  rake (>= 0.8.7)
  rdoc (~> 4.3.0)
  rspec (~> 3)
  simplecov (>= 0.6.2)
  simplecov-html (>= 0.5.3)
  treetop (>= 1.4.14)

RUBY VERSION
   ruby 2.5.1p57

BUNDLED WITH
   2.1.4
