GEM
  remote: http://rubygems.org/
  specs:
    Platform (0.4.0)
    colorize (0.5.8)
    diff-lcs (1.1.3)
    ffi (1.3.1)
    highline (1.6.15)
    json (1.6.5)
    libarchive-static (1.0.3)
    log4r (1.1.10)
    multi_json (1.5.0)
    net-netrc (0.2.2)
      Platform (>= 0.3.0)
    net-sftp (2.0.5)
      net-ssh (>= 2.0.9)
    net-ssh (2.6.3)
    open4 (1.3.0)
    polyglot (0.3.3)
    rake (10.0.3)
    rdoc (3.12)
      json (~> 1.4)
    rspec (2.12.0)
      rspec-core (~> 2.12.0)
      rspec-expectations (~> 2.12.0)
      rspec-mocks (~> 2.12.0)
    rspec-core (2.12.2)
    rspec-expectations (2.12.1)
      diff-lcs (~> 1.1.3)
    rspec-mocks (2.12.1)
    simplecov (0.7.1)
      multi_json (~> 1.0)
      simplecov-html (~> 0.7.1)
    simplecov-html (0.7.1)
    sys-admin (1.6.0)
      ffi (>= 1.1.0)
    treetop (1.4.12)
      polyglot
      polyglot (>= 0.3.1)

PLATFORMS
  ruby

DEPENDENCIES
  bundler (>= 1.0.15)
  colorize (>= 0.5.8)
  highline (>= 1.6.2)
  json (= 1.6.5)
  libarchive-static (>= 1.0.0)
  log4r (>= 1.1.5)
  net-netrc (>= 0.2.2)
  net-sftp (>= 2.0.4)
  net-ssh (>= 2.0.15)
  open4 (>= 1.0.1)
  rake (>= 0.8.7)
  rdoc (>= 3.12)
  rspec (~> 2)
  rspec-core (>= 2.7.1)
  rspec-expectations (>= 2.7.0)
  rspec-mocks (>= 2.7.0)
  simplecov (>= 0.6.2)
  simplecov-html (>= 0.5.3)
  sys-admin (>= 1.5.6)
  treetop (>= 1.4.2)
