GEM
  remote: http://rubygems.org/
  specs:
    Platform (0.4.0)
    colorize (0.5.8)
    diff-lcs (1.2.4)
    highline (1.6.19)
    json (1.8.0)
    libarchive-static (1.0.3)
    libarchive-static (1.0.3-x86-mingw32)
    log4r (1.1.10)
    multi_json (1.7.6)
    net-netrc (0.2.2)
      Platform (>= 0.3.0)
    net-sftp (2.1.2)
      net-ssh (>= 2.6.5)
    net-ssh (2.6.7)
    open4 (1.3.0)
    polyglot (0.3.3)
    rake (10.0.4)
    rdoc (4.0.1)
      json (~> 1.4)
    rspec (2.13.0)
      rspec-core (~> 2.13.0)
      rspec-expectations (~> 2.13.0)
      rspec-mocks (~> 2.13.0)
    rspec-core (2.13.1)
    rspec-expectations (2.13.0)
      diff-lcs (>= 1.1.3, < 2.0)
    rspec-mocks (2.13.1)
    simplecov (0.7.1)
      multi_json (~> 1.0)
      simplecov-html (~> 0.7.1)
    simplecov-html (0.7.1)
    treetop (1.4.14)
      polyglot
      polyglot (>= 0.3.1)

PLATFORMS
  ruby
  x86-mingw32

DEPENDENCIES
  bundler (>= 1.0.15)
  colorize (>= 0.5.8)
  highline (>= 1.6.19)
  json (>= 1.8)
  libarchive-static (>= 1.0.0)
  log4r (>= 1.1.5)
  net-netrc (>= 0.2.2)
  net-sftp (>= 2.1.2)
  net-ssh (>= 2.6.7)
  open4 (>= 1.0.1)
  rake (>= 0.8.7)
  rdoc (>= 4)
  rspec (~> 2)
  simplecov (>= 0.6.2)
  simplecov-html (>= 0.5.3)
  treetop (>= 1.4.14)
